PATH
  remote: .
  specs:
    paperback (0.0.1)

GEM
  remote: https://rubygems.org/
  specs:

PLATFORMS
  ruby

DEPENDENCIES
  paperback!
